GEM
  remote: https://rubygems.org/
  specs:
    ansi (1.5.0)
    builder (3.3.0)
    byebug (11.1.3)
    coderay (1.1.3)
    method_source (1.1.0)
    minitest (5.25.4)
    minitest-reporters (1.7.1)
      ansi
      builder
      minitest (>= 5.0)
      ruby-progressbar
    pry (0.14.2)
      coderay (~> 1.1)
      method_source (~> 1.0)
    pry-byebug (3.10.1)
      byebug (~> 11.0)
      pry (>= 0.13, < 0.15)
    ruby-progressbar (1.13.0)

PLATFORMS
  ruby
  x86_64-darwin-22

DEPENDENCIES
  minitest-reporters
  pry
  pry-byebug

BUNDLED WITH
   2.5.23
